GIT
  remote: https://github.com/lian/bitcoin-ruby.git
  revision: 4f9ea350aebccd4879a9fb887cc01ac1fab749b3
  specs:
    bitcoin-ruby (0.0.6)

GEM
  remote: http://rubygems.org/
  specs:
    chunky_png (1.3.3)
    escper (1.2.2)
      rmagick
      serialport
    rmagick (2.13.3)
    rqrcode (0.4.2)
    rqrcode_png (0.1.5)
      chunky_png
      rqrcode
    serialport (1.3.1)

PLATFORMS
  ruby

DEPENDENCIES
  bitcoin-ruby!
  escper
  rqrcode_png
