GIT
  remote: https://github.com/lian/bitcoin-ruby.git
  revision: b7bd36fe7e6ac30ad5910a73c527617974e3086e
  specs:
    bitcoin-ruby (0.0.5)

GEM
  remote: http://rubygems.org/
  specs:
    chunky_png (1.3.1)
    escper (1.2.2)
      rmagick
      serialport
    ffi (1.9.3)
    ffi-compiler (0.1.3)
      ffi (>= 1.0.0)
      rake
    rake (10.3.2)
    rmagick (2.13.3)
    rqrcode (0.4.2)
    rqrcode_png (0.1.2)
      chunky_png
      rqrcode
    scrypt (1.2.1)
      ffi-compiler (>= 0.0.2)
      rake
    serialport (1.3.1)

PLATFORMS
  ruby

DEPENDENCIES
  bitcoin-ruby!
  escper
  ffi
  rqrcode_png
  scrypt
